GEM
  remote: https://rubygems.org/
  specs:
    CFPropertyList (2.2.8)
    awesome_print (1.2.0)
    builder (3.2.2)
    calabash-android (0.5.5)
      awesome_print (~> 1.2.0)
      cucumber (~> 1.3.17)
      escape (~> 0.0.4)
      httpclient (~> 2.3.2)
      json (~> 1.8)
      retriable (~> 1.3.3.1)
      rubyzip (~> 1.1)
      slowhandcuke (~> 0.0.3)
    calabash-common (0.0.1)
      cucumber (~> 1.3.0)
    calabash-cucumber (0.9.168)
      CFPropertyList
      awesome_print
      bundler (~> 1.1)
      calabash-common (~> 0.0.1)
      cucumber (~> 1.3.0)
      edn
      geocoder (~> 1.1.8)
      httpclient (~> 2.3.3)
      json
      run_loop (~> 0.2.0)
      sim_launcher (~> 0.4.9)
      slowhandcuke
      xamarin-test-cloud (~> 0.9.27)
    cucumber (1.3.18)
      builder (>= 2.1.2)
      diff-lcs (>= 1.1.3)
      gherkin (~> 2.12)
      multi_json (>= 1.7.5, < 2.0)
      multi_test (>= 0.1.1)
    diff-lcs (1.2.5)
    edn (1.0.6)
    escape (0.0.4)
    geocoder (1.1.9)
    gherkin (2.12.2)
      multi_json (~> 1.3)
    gherkin (2.12.2-x86-mingw32)
      multi_json (~> 1.3)
    httpclient (2.3.4.1)
    json (1.8.2)
    mime-types (1.25.1)
    multi_json (1.10.1)
    multi_test (0.1.1)
    rack (1.6.0)
    rack-protection (1.5.3)
      rack
    rdoc (4.2.0)
      json (~> 1.4)
    rest-client (1.6.8)
      mime-types (~> 1.16)
      rdoc (>= 2.4.2)
    retriable (1.3.3.1)
    rubyzip (1.1.6)
    run_loop (0.2.1)
      json
      thor
    sim_launcher (0.4.13)
      sinatra
    sinatra (1.4.5)
      rack (~> 1.4)
      rack-protection (~> 1.4)
      tilt (~> 1.3, >= 1.3.4)
    slowhandcuke (0.0.3)
      cucumber
    thor (0.19.1)
    tilt (1.4.1)
    xamarin-test-cloud (0.9.38)
      bundler (>= 1.3.0, < 2.0)
      json
      mime-types (< 2.0)
      rest-client (~> 1.6.7)
      retriable (~> 1.3.3.1)
      rubyzip (~> 1.1)
      thor (>= 0.18.1)

PLATFORMS
  ruby
  x86-mingw32

DEPENDENCIES
  calabash-android (= 0.5.5)
  calabash-cucumber (= 0.9.168)
  xamarin-test-cloud (= 0.9.38)
